GIT
  remote: git://github.com/hitoshi-t-pepe3/sbiclient.git
  revision: 4f20f987471552814c56c80f7ebb1f2838baea6e
  specs:
    sbiclient (0.1.5)
      mechanize (>= 1.0.0)

PATH
  remote: .
  specs:
    jiji (1.2.8)
      clickclient_scrap (>= 0.1.9)
      highline (= 1.5.0)
      httpclient (>= 2.1.5)
      mechanize (= 1.0.0)
      needle (= 1.3.0)
      nokogiri (= 1.4.3.1)
      ruby-json (= 1.1.2)
      rubyzip (= 0.9.1)
      sbiclient (>= 0.1.1)
      uuidtools (= 2.0.0)

GEM
  remote: http://www.rubygems.org/
  specs:
    clickclient_scrap (0.1.12)
      mechanize (>= 1.0.0)
    highline (1.5.0)
    httpclient (2.3.4.1)
    mechanize (1.0.0)
      nokogiri (>= 1.2.1)
    needle (1.3.0)
    nokogiri (1.4.3.1-x86-mingw32)
    ruby-json (1.1.2)
    rubyzip (0.9.1)
    uuidtools (2.0.0)

PLATFORMS
  x86-mingw32

DEPENDENCIES
  jiji!
  sbiclient!
