GIT
  remote: git://github.com/hitoshi-t-pepe3/sbiclient.git
  revision: 0fd820a0919ee6063bae0277e2e7c3703c1bcc52
  specs:
    sbiclient (0.1.5.1beta1)
      mechanize (>= 1.0.0)
      nokogiri (= 1.4.3.1)

PATH
  remote: .
  specs:
    jiji (1.2.8beta1)
      clickclient_scrap (>= 0.1.9)
      highline (= 1.5.0)
      httpclient (>= 2.1.5)
      mechanize (= 1.0.0)
      needle (= 1.3.0)
      nokogiri (= 1.4.3.1)
      ruby-json (= 1.1.2)
      rubyzip (= 0.9.1)
      sbiclient (>= 0.1.1)
      uuidtools (= 2.0.0)

GEM
  remote: http://www.rubygems.org/
  specs:
    clickclient_scrap (0.1.12)
      mechanize (>= 1.0.0)
    diff-lcs (1.2.4)
    highline (1.5.0)
    httpclient (2.3.4.1)
    mechanize (1.0.0)
      nokogiri (>= 1.2.1)
    needle (1.3.0)
    nokogiri (1.4.3.1-x86-mingw32)
    rspec (2.14.1)
      rspec-core (~> 2.14.0)
      rspec-expectations (~> 2.14.0)
      rspec-mocks (~> 2.14.0)
    rspec-core (2.14.5)
    rspec-expectations (2.14.3)
      diff-lcs (>= 1.1.3, < 2.0)
    rspec-mocks (2.14.3)
    ruby-json (1.1.2)
    rubyzip (0.9.1)
    uuidtools (2.0.0)

PLATFORMS
  x86-mingw32

DEPENDENCIES
  jiji!
  rspec
  sbiclient!
