GIT
  remote: git://github.com/hitoshi-t-pepe3/sbiclient.git
  revision: 9402722a5b38167e64c56ca7e9f00330545a4b31
  specs:
    sbiclient (0.1.5.1beta1)
      mechanize (>= 1.0.0)
      nokogiri (= 1.4.3.1)

GIT
  remote: https://github.com/zekefast/needle.git
  revision: 5763f6b3b9844ec1ea7d5c6ebec9a195e475211f
  branch: porting_to_1.9.x
  specs:
    needle (1.3.0)

PATH
  remote: .
  specs:
    jiji (1.2.8beta1)
      clickclient_scrap (>= 0.1.9)
      highline (~> 1.6.21)
      httpclient (>= 2.1.5)
      mechanize (= 1.0.0)
      nokogiri (= 1.4.3.1)
      ruby-json (= 1.1.2)
      rubyzip (= 0.9.1)
      sbiclient (>= 0.1.1)
      uuidtools (= 2.0.0)

GEM
  remote: http://www.rubygems.org/
  specs:
    clickclient_scrap (0.1.12)
      mechanize (>= 1.0.0)
    diff-lcs (1.2.5)
    highline (1.6.21)
    httpclient (2.4.0)
    mechanize (1.0.0)
      nokogiri (>= 1.2.1)
    nokogiri (1.4.3.1)
    nokogiri (1.4.3.1-x86-mingw32)
    rspec (3.0.0)
      rspec-core (~> 3.0.0)
      rspec-expectations (~> 3.0.0)
      rspec-mocks (~> 3.0.0)
    rspec-core (3.0.2)
      rspec-support (~> 3.0.0)
    rspec-expectations (3.0.2)
      diff-lcs (>= 1.2.0, < 2.0)
      rspec-support (~> 3.0.0)
    rspec-mocks (3.0.2)
      rspec-support (~> 3.0.0)
    rspec-support (3.0.2)
    ruby-json (1.1.2)
    rubyzip (0.9.1)
    uuidtools (2.0.0)

PLATFORMS
  ruby
  x86-mingw32

DEPENDENCIES
  jiji!
  needle!
  rspec
  sbiclient!
